PATH
  remote: .
  specs:
    resque-delgation (0.0.0)
      resque (>= 1.8.0)
      resque-lock (>= 0.1.1)
      resque-meta (>= 1.0.0)
      resque-scheduler (>= 1.9.8)
      resque-unique-job (~> 0.0.1)

GEM
  remote: http://rubygems.org/
  specs:
    SystemTimer (1.2.1)
    columnize (0.3.2)
    diff-lcs (1.1.2)
    guard (0.3.4)
      thor (~> 0.14.6)
    guard-rspec (0.3.1)
      guard (>= 0.2.2)
    json (1.5.1)
    linecache (0.43)
    rack (1.3.0)
    redis (2.2.1)
    redis-namespace (1.0.3)
      redis (< 3.0.0)
    resque (1.17.1)
      json (>= 1.4.6, < 1.6)
      redis-namespace (~> 1.0.2)
      sinatra (>= 0.9.2)
      vegas (~> 0.1.2)
    resque-lock (0.1.1)
    resque-meta (1.0.3)
      resque (~> 1.8)
    resque-scheduler (1.9.9)
      redis (>= 2.0.1)
      resque (>= 1.8.0)
      rufus-scheduler
    resque-unique-job (0.0.1)
      resque (>= 1.8.0)
    rspec (2.3.0)
      rspec-core (~> 2.3.0)
      rspec-expectations (~> 2.3.0)
      rspec-mocks (~> 2.3.0)
    rspec-core (2.3.1)
    rspec-expectations (2.3.0)
      diff-lcs (~> 1.1.2)
    rspec-mocks (2.3.0)
    ruby-debug (0.10.4)
      columnize (>= 0.1)
      ruby-debug-base (~> 0.10.4.0)
    ruby-debug-base (0.10.4)
      linecache (>= 0.3)
    rufus-scheduler (2.0.9)
      tzinfo (>= 0.3.23)
    sinatra (1.2.6)
      rack (~> 1.1)
      tilt (>= 1.2.2, < 2.0)
    thor (0.14.6)
    tilt (1.3.2)
    tzinfo (0.3.27)
    vegas (0.1.8)
      rack (>= 1.0.0)

PLATFORMS
  ruby

DEPENDENCIES
  SystemTimer
  guard-rspec
  resque-delgation!
  rspec
  ruby-debug
